PATH
  remote: .
  specs:
    shipping_api (0.0.1)
      andand (~> 1.3)
      faraday (~> 0.9)
      immutable_struct (~> 1.1)

GEM
  remote: https://rubygems.org/
  specs:
    addressable (2.3.6)
    andand (1.3.3)
    coderay (1.1.0)
    crack (0.4.2)
      safe_yaml (~> 1.0.0)
    diff-lcs (1.2.5)
    dotenv (0.11.1)
      dotenv-deployment (~> 0.0.2)
    dotenv-deployment (0.0.2)
    faraday (0.9.0)
      multipart-post (>= 1.2, < 3)
    immutable_struct (1.1.1)
    method_source (0.8.2)
    multipart-post (2.0.0)
    pry (0.10.0)
      coderay (~> 1.1.0)
      method_source (~> 0.8.1)
      slop (~> 3.4)
    rake (10.3.2)
    rspec (3.1.0)
      rspec-core (~> 3.1.0)
      rspec-expectations (~> 3.1.0)
      rspec-mocks (~> 3.1.0)
    rspec-core (3.1.6)
      rspec-support (~> 3.1.0)
    rspec-expectations (3.1.2)
      diff-lcs (>= 1.2.0, < 2.0)
      rspec-support (~> 3.1.0)
    rspec-mocks (3.1.3)
      rspec-support (~> 3.1.0)
    rspec-support (3.1.2)
    safe_yaml (1.0.4)
    slop (3.5.0)
    vcr (2.9.3)
    webmock (1.19.0)
      addressable (>= 2.3.6)
      crack (>= 0.3.2)

PLATFORMS
  ruby

DEPENDENCIES
  bundler (~> 1.7)
  dotenv (~> 0.11)
  pry (~> 0.10)
  rake (~> 10.0)
  rspec (~> 3.1)
  shipping_api!
  vcr (~> 2.9)
  webmock (~> 1.19)
